GEM
  remote: http://rubygems.org/
  specs:
    sass (3.4.8)

PLATFORMS
  ruby

DEPENDENCIES
  sass (~> 3.4)
